Brain Vision Data Exchange Header File Version 1.0
; Data exported from BBCI Matlab Toolbox

[Common Infos]
DataFile=tCCA_calib_sbj14.eeg
MarkerFile=tCCA_calib_sbj14.vmrk
DataFormat=BINARY
DataOrientation=MULTIPLEXED
NumberOfChannels=104
DataPoints=0
SamplingInterval=10000

[Binary Infos]
BinaryFormat=INT_32
UseBigEndianOrder=NO

[Channel Infos]
Ch1=Fp1,,0.1,a.u.
Ch2=Fz,,0.1,a.u.
Ch3=F3,,0.1,a.u.
Ch4=F7,,0.1,a.u.
Ch5=FT9,,0.1,a.u.
Ch6=FC5,,0.1,a.u.
Ch7=FC1,,0.1,a.u.
Ch8=C3,,0.1,a.u.
Ch9=T7,,0.1,a.u.
Ch10=TP9,,0.1,a.u.
Ch11=CP5,,0.1,a.u.
Ch12=CP1,,0.1,a.u.
Ch13=Pz,,0.1,a.u.
Ch14=P3,,0.1,a.u.
Ch15=P7,,0.1,a.u.
Ch16=O1,,0.1,a.u.
Ch17=Oz,,0.1,a.u.
Ch18=O2,,0.1,a.u.
Ch19=P4,,0.1,a.u.
Ch20=P8,,0.1,a.u.
Ch21=TP10,,0.1,a.u.
Ch22=CP6,,0.1,a.u.
Ch23=CP2,,0.1,a.u.
Ch24=Cz,,0.1,a.u.
Ch25=C4,,0.1,a.u.
Ch26=T8,,0.1,a.u.
Ch27=FT10,,0.1,a.u.
Ch28=FC6,,0.1,a.u.
Ch29=FC2,,0.1,a.u.
Ch30=F4,,0.1,a.u.
Ch31=F8,,0.1,a.u.
Ch32=Fp2,,0.1,a.u.
Ch33=h_EOG,,0.1,a.u.
Ch34=v_EOG,,0.1,a.u.
Ch35=PPG,,0.1,a.u.
Ch36=BP,,0.1,a.u.
Ch37=RESP,,0.1,a.u.
Ch38=PD,,0.1,a.u.
Ch39=TRIG1,,0.1,a.u.
Ch40=eAccX,,0.1,a.u.
Ch41=eAccY,,0.1,a.u.
Ch42=eAccZ,,0.1,a.u.
Ch43=S1D1HbO,,0.1,a.u.
Ch44=S1D3HbO,,0.1,a.u.
Ch45=S2D1HbO,,0.1,a.u.
Ch46=S2D2HbO,,0.1,a.u.
Ch47=S2D3HbO,,0.1,a.u.
Ch48=S2D4HbO,,0.1,a.u.
Ch49=S2D9HbO,,0.1,a.u.
Ch50=S3D5HbO,,0.1,a.u.
Ch51=S3D7HbO,,0.1,a.u.
Ch52=S4D5HbO,,0.1,a.u.
Ch53=S4D6HbO,,0.1,a.u.
Ch54=S4D7HbO,,0.1,a.u.
Ch55=S4D8HbO,,0.1,a.u.
Ch56=S4D10HbO,,0.1,a.u.
Ch57=S1D1HbR,,0.1,a.u.
Ch58=S1D3HbR,,0.1,a.u.
Ch59=S2D1HbR,,0.1,a.u.
Ch60=S2D2HbR,,0.1,a.u.
Ch61=S2D3HbR,,0.1,a.u.
Ch62=S2D4HbR,,0.1,a.u.
Ch63=S2D9HbR,,0.1,a.u.
Ch64=S3D5HbR,,0.1,a.u.
Ch65=S3D7HbR,,0.1,a.u.
Ch66=S4D5HbR,,0.1,a.u.
Ch67=S4D6HbR,,0.1,a.u.
Ch68=S4D7HbR,,0.1,a.u.
Ch69=S4D8HbR,,0.1,a.u.
Ch70=S4D10HbR,,0.1,a.u.
Ch71=nAccX,,0.1,a.u.
Ch72=nAccY,,0.1,a.u.
Ch73=nAccZ,,0.1,a.u.
Ch74=TRIG2,,0.1,a.u.
Ch75=S1D1L1_INT,,0.1,a.u.
Ch76=S1D3L1_INT,,0.1,a.u.
Ch77=S2D1L1_INT,,0.1,a.u.
Ch78=S2D2L1_INT,,0.1,a.u.
Ch79=S2D3L1_INT,,0.1,a.u.
Ch80=S2D4L1_INT,,0.1,a.u.
Ch81=S2D9L1_INT,,0.1,a.u.
Ch82=S3D5L1_INT,,0.1,a.u.
Ch83=S3D7L1_INT,,0.1,a.u.
Ch84=S4D5L1_INT,,0.1,a.u.
Ch85=S4D6L1_INT,,0.1,a.u.
Ch86=S4D7L1_INT,,0.1,a.u.
Ch87=S4D8L1_INT,,0.1,a.u.
Ch88=S4D10L1_INT,,0.1,a.u.
Ch89=S1D1L2_INT,,0.1,a.u.
Ch90=S1D3L2_INT,,0.1,a.u.
Ch91=S2D1L2_INT,,0.1,a.u.
Ch92=S2D2L2_INT,,0.1,a.u.
Ch93=S2D3L2_INT,,0.1,a.u.
Ch94=S2D4L2_INT,,0.1,a.u.
Ch95=S2D9L2_INT,,0.1,a.u.
Ch96=S3D5L2_INT,,0.1,a.u.
Ch97=S3D7L2_INT,,0.1,a.u.
Ch98=S4D5L2_INT,,0.1,a.u.
Ch99=S4D6L2_INT,,0.1,a.u.
Ch100=S4D7L2_INT,,0.1,a.u.
Ch101=S4D8L2_INT,,0.1,a.u.
Ch102=S4D10L2_INT,,0.1,a.u.
Ch103=tCCAreg1,,0.1,a.u.
Ch104=tCCAreg2,,0.1,a.u.

